PATH
  remote: .
  specs:
    ascii-data-tools (0.3)
      terminal-table (~> 1.4.2)

GEM
  remote: http://rubygems.org/
  specs:
    builder (2.1.2)
    cucumber (0.9.2)
      builder (~> 2.1.2)
      diff-lcs (~> 1.1.2)
      gherkin (~> 2.2.5)
      json (~> 1.4.6)
      term-ansicolor (~> 1.0.5)
    diff-lcs (1.1.2)
    gherkin (2.2.9)
      json (~> 1.4.6)
      term-ansicolor (~> 1.0.5)
    json (1.4.6)
    rspec (1.3.1)
    ruby-prof (0.9.2)
    term-ansicolor (1.0.5)
    terminal-table (1.4.2)

PLATFORMS
  ruby

DEPENDENCIES
  ascii-data-tools!
  cucumber
  rspec (~> 1.3.1)
  ruby-prof
