PATH
  remote: .
  specs:
    ascii-data-tools (0.9)
      terminal-table (~> 1.4.2)

GEM
  remote: http://rubygems.org/
  specs:
    builder (3.0.0)
    cucumber (1.0.2)
      builder (>= 2.1.2)
      diff-lcs (>= 1.1.2)
      gherkin (~> 2.4.5)
      json (>= 1.4.6)
      term-ansicolor (>= 1.0.5)
    diff-lcs (1.1.2)
    gherkin (2.4.5)
      json (>= 1.4.6)
    json (1.5.3)
    rspec (1.3.1)
    ruby-prof (0.9.2)
    term-ansicolor (1.0.6)
    terminal-table (1.4.2)

PLATFORMS
  ruby

DEPENDENCIES
  ascii-data-tools!
  cucumber
  rspec (~> 1.3.1)
  ruby-prof
